PATH
  remote: .
  specs:
    spectrocoin (0.1.0)
      api_client (~> 0.5)

GEM
  remote: https://rubygems.org/
  specs:
    api_client (0.5.12)
      faraday (>= 0.8.1)
      hashie (>= 2.0.5)
      multi_json (>= 1.6.1)
      yajl-ruby
    faraday (0.9.1)
      multipart-post (>= 1.2, < 3)
    hashie (3.4.2)
    multi_json (1.11.2)
    multipart-post (2.0.0)
    rake (10.4.2)
    yajl-ruby (1.2.1)

PLATFORMS
  ruby

DEPENDENCIES
  bundler (~> 1.10)
  rake (~> 10.0)
  spectrocoin!

BUNDLED WITH
   1.10.5
